PATH
  remote: .
  specs:
    bamboozled (0.0.8)
      activesupport
      httparty
      json

GEM
  remote: http://rubygems.org/
  specs:
    activesupport (3.2.21)
      i18n (~> 0.6, >= 0.6.4)
      multi_json (~> 1.0)
    addressable (2.3.6)
    ansi (1.4.3)
    crack (0.4.2)
      safe_yaml (~> 1.0.0)
    httparty (0.13.3)
      json (~> 1.8)
      multi_xml (>= 0.5.2)
    i18n (0.7.0)
    json (1.8.3)
    minitest (4.7.5)
    multi_json (1.12.1)
    multi_xml (0.5.5)
    rake (10.3.2)
    safe_yaml (1.0.4)
    turn (0.9.7)
      ansi
      minitest (~> 4)
    webmock (1.20.4)
      addressable (>= 2.3.6)
      crack (>= 0.3.2)

PLATFORMS
  ruby

DEPENDENCIES
  bamboozled!
  bundler (>= 1.6.2)
  rake
  turn
  webmock

BUNDLED WITH
   1.13.2
